GEM
  remote: http://rubygems.org/
  specs:
    amatch (0.2.11)
      tins (~> 0.3)
    bio (1.4.3)
    daemons (1.1.9)
    eventmachine (1.0.0)
    rack (~>1.5.4)
    rack-protection (~>1.5.5)
      rack
    sinatra (1.3.4)
      rack (~> 1.4)
      rack-protection (~> 1.5.5)
      tilt (~> 1.3, >= 1.3.3)
    thin (1.5.0)
      daemons (>= 1.0.9)
      eventmachine (>= 0.12.6)
      rack (>= 1.0.0)
    tilt (1.3.3)
    tins (0.7.0)

PLATFORMS
  ruby

DEPENDENCIES
  amatch
  bio
  sinatra
  thin
